GIT
  remote: https://github.com/ComputeStacks/docker-api
  revision: a36e692ebc52fcf03d804593a51e808ef1254ab8
  ref: a36e692
  specs:
    docker-api (2.0.0.pre.1)
      excon (>= 0.47.0)
      multi_json

GEM
  remote: https://rubygems.org/
  remote: https://rubygems.pkg.github.com/computestacks/
  remote: http://insecure.rails-assets.org/
  specs:
    acme-client (2.0.9)
      faraday (>= 0.17, < 2.0.0)
    actioncable (6.1.4.4)
      actionpack (= 6.1.4.4)
      activesupport (= 6.1.4.4)
      nio4r (~> 2.0)
      websocket-driver (>= 0.6.1)
    actionmailbox (6.1.4.4)
      actionpack (= 6.1.4.4)
      activejob (= 6.1.4.4)
      activerecord (= 6.1.4.4)
      activestorage (= 6.1.4.4)
      activesupport (= 6.1.4.4)
      mail (>= 2.7.1)
    actionmailer (6.1.4.4)
      actionpack (= 6.1.4.4)
      actionview (= 6.1.4.4)
      activejob (= 6.1.4.4)
      activesupport (= 6.1.4.4)
      mail (~> 2.5, >= 2.5.4)
      rails-dom-testing (~> 2.0)
    actionpack (6.1.4.4)
      actionview (= 6.1.4.4)
      activesupport (= 6.1.4.4)
      rack (~> 2.0, >= 2.0.9)
      rack-test (>= 0.6.3)
      rails-dom-testing (~> 2.0)
      rails-html-sanitizer (~> 1.0, >= 1.2.0)
    actiontext (6.1.4.4)
      actionpack (= 6.1.4.4)
      activerecord (= 6.1.4.4)
      activestorage (= 6.1.4.4)
      activesupport (= 6.1.4.4)
      nokogiri (>= 1.8.5)
    actionview (6.1.4.4)
      activesupport (= 6.1.4.4)
      builder (~> 3.1)
      erubi (~> 1.4)
      rails-dom-testing (~> 2.0)
      rails-html-sanitizer (~> 1.1, >= 1.2.0)
    activejob (6.1.4.4)
      activesupport (= 6.1.4.4)
      globalid (>= 0.3.6)
    activemodel (6.1.4.4)
      activesupport (= 6.1.4.4)
    activerecord (6.1.4.4)
      activemodel (= 6.1.4.4)
      activesupport (= 6.1.4.4)
    activestorage (6.1.4.4)
      actionpack (= 6.1.4.4)
      activejob (= 6.1.4.4)
      activerecord (= 6.1.4.4)
      activesupport (= 6.1.4.4)
      marcel (~> 1.0.0)
      mini_mime (>= 1.1.0)
    activesupport (6.1.4.4)
      concurrent-ruby (~> 1.0, >= 1.0.2)
      i18n (>= 1.6, < 2)
      minitest (>= 5.1)
      tzinfo (~> 2.0)
      zeitwerk (~> 2.3)
    acts-as-taggable-on (8.1.0)
      activerecord (>= 5.0, < 6.2)
    addressable (2.8.0)
      public_suffix (>= 2.0.2, < 5.0)
    android_key_attestation (0.3.0)
    ansi (1.5.0)
    api-pagination (4.8.2)
    ast (2.4.2)
    authy (2.7.5)
      httpclient (>= 2.5.3.3)
    autodns (2.1.1)
      httparty (~> 0.17)
    autoprefixer-rails (10.4.2.0)
      execjs (~> 2)
    awrence (1.2.1)
    bcrypt (3.1.16)
    bcrypt_pbkdf (1.1.0)
    better_errors (2.9.1)
      coderay (>= 1.0.0)
      erubi (>= 1.0.0)
      rack (>= 0.9.0)
    bindata (2.4.10)
    binding_of_caller (1.0.0)
      debug_inspector (>= 0.0.1)
    bootstrap-sass (3.4.1)
      autoprefixer-rails (>= 5.2.1)
      sassc (>= 2.0.0)
    brpoplpush-redis_script (0.1.2)
      concurrent-ruby (~> 1.0, >= 1.0.5)
      redis (>= 1.0, <= 5.0)
    builder (3.2.4)
    byebug (11.1.3)
    capybara (3.36.0)
      addressable
      matrix
      mini_mime (>= 0.1.3)
      nokogiri (~> 1.8)
      rack (>= 1.6.0)
      rack-test (>= 0.6.3)
      regexp_parser (>= 1.5, < 3.0)
      xpath (~> 3.2)
    cbor (0.5.9.6)
    chartkick (4.0.5)
    childprocess (4.1.0)
    chunky_png (1.4.0)
    clockwork (3.0.0)
      activesupport
      tzinfo
    coderay (1.1.3)
    coffee-rails (5.0.0)
      coffee-script (>= 2.2.0)
      railties (>= 5.2.0)
    coffee-script (2.4.1)
      coffee-script-source
      execjs
    coffee-script-source (1.12.2)
    concurrent-ruby (1.1.9)
    connection_pool (2.2.5)
    cose (1.2.0)
      cbor (~> 0.5.9)
      openssl-signature_algorithm (~> 1.0)
    countries (4.2.1)
      i18n_data (~> 0.15.0)
      sixarm_ruby_unaccent (~> 1.1)
    country_select (6.0.0)
      countries (~> 4.0)
      sort_alphabetical (~> 1.1)
    crack (0.4.5)
      rexml
    crass (1.0.6)
    daemons (1.4.1)
    debug_inspector (1.1.0)
    deep_merge (1.2.2)
    devise (4.8.0)
      bcrypt (~> 3.0)
      orm_adapter (~> 0.1)
      railties (>= 4.1.0)
      responders
      warden (~> 1.2.3)
    diplomat (2.5.1)
      deep_merge (~> 1.2)
      faraday (>= 0.9)
    dnsruby (1.61.7)
      simpleidn (~> 0.1)
    docker_registry (0.2.3)
      faraday (~> 1)
      oj (~> 3.0)
    docker_ssh (0.7.1)
      json (~> 2.2)
    docker_volume_local (0.2.5)
      activesupport (> 5.0)
      bcrypt_pbkdf (> 1.0)
      docker-api
      ed25519 (> 1.2)
      net-ssh (> 6.0)
    docker_volume_nfs (0.2.7)
      activesupport (> 5.0)
      bcrypt_pbkdf (> 1.0)
      docker-api
      ed25519 (> 1.2)
      net-ssh (> 6.0)
    domain_name (0.5.20190701)
      unf (>= 0.0.5, < 1.0.0)
    domain_prefix (0.4.20210906)
      json
      simpleidn (>= 0.0.5)
    doorkeeper (5.4.0)
      railties (>= 5)
    ed25519 (1.2.4)
    erubi (1.10.0)
    et-orbi (1.2.6)
      tzinfo
    excon (0.90.0)
    execjs (2.8.1)
    faraday (1.9.3)
      faraday-em_http (~> 1.0)
      faraday-em_synchrony (~> 1.0)
      faraday-excon (~> 1.1)
      faraday-httpclient (~> 1.0)
      faraday-multipart (~> 1.0)
      faraday-net_http (~> 1.0)
      faraday-net_http_persistent (~> 1.0)
      faraday-patron (~> 1.0)
      faraday-rack (~> 1.0)
      faraday-retry (~> 1.0)
      ruby2_keywords (>= 0.0.4)
    faraday-em_http (1.0.0)
    faraday-em_synchrony (1.0.0)
    faraday-excon (1.1.0)
    faraday-httpclient (1.0.1)
    faraday-multipart (1.0.3)
      multipart-post (>= 1.2, < 3)
    faraday-net_http (1.0.1)
    faraday-net_http_persistent (1.2.0)
    faraday-patron (1.0.0)
    faraday-rack (1.0.0)
    faraday-retry (1.0.3)
    ffi (1.15.5)
    ffi-compiler (1.0.1)
      ffi (>= 1.0.0)
      rake
    fugit (1.5.2)
      et-orbi (~> 1.1, >= 1.1.8)
      raabro (~> 1.4)
    geoip (1.6.4)
    github-markup (4.0.0)
    globalid (1.0.0)
      activesupport (>= 5.0)
    groupdate (5.2.2)
      activesupport (>= 5)
    haml (5.2.2)
      temple (>= 0.8.0)
      tilt
    hashdiff (1.0.1)
    highline (2.0.3)
    hiredis (0.6.3)
    http (4.4.1)
      addressable (~> 2.3)
      http-cookie (~> 1.0)
      http-form_data (~> 2.2)
      http-parser (~> 1.2.0)
    http-cookie (1.0.4)
      domain_name (~> 0.5)
    http-form_data (2.3.0)
    http-parser (1.2.3)
      ffi-compiler (>= 1.0, < 2.0)
    http_accept_language (2.1.1)
    httparty (0.18.1)
      mime-types (~> 3.0)
      multi_xml (>= 0.5.2)
    httpclient (2.8.3)
    i18n (1.9.1)
      concurrent-ruby (~> 1.0)
    i18n-tasks (0.9.37)
      activesupport (>= 4.0.2)
      ast (>= 2.1.0)
      erubi
      highline (>= 2.0.0)
      i18n
      parser (>= 2.2.3.0)
      rails-i18n
      rainbow (>= 2.2.2, < 4.0)
      terminal-table (>= 1.5.1)
    i18n_data (0.15.0)
      simple_po_parser (~> 1.1)
    ipaddr (1.2.3)
    jquery-rails (4.3.5)
      rails-dom-testing (>= 1, < 3)
      railties (>= 4.2.0)
      thor (>= 0.14, < 2.0)
    json (2.6.1)
    jwt (2.2.3)
    liquid (5.1.0)
    listen (3.4.1)
      rb-fsevent (~> 0.10, >= 0.10.3)
      rb-inotify (~> 0.9, >= 0.9.10)
    lograge (0.11.2)
      actionpack (>= 4)
      activesupport (>= 4)
      railties (>= 4)
      request_store (~> 1.0)
    loofah (2.13.0)
      crass (~> 1.0.2)
      nokogiri (>= 1.5.9)
    mail (2.7.1)
      mini_mime (>= 0.1.1)
    marcel (1.0.2)
    matrix (0.4.2)
    method_source (1.0.0)
    mime-types (3.4.1)
      mime-types-data (~> 3.2015)
    mime-types-data (3.2022.0105)
    mini_mime (1.1.2)
    mini_portile2 (2.6.1)
    minitest (5.15.0)
    minitest-reporters (1.4.3)
      ansi
      builder
      minitest (>= 5.0)
      ruby-progressbar
    monetize (1.9.4)
      money (~> 6.12)
    money (6.13.8)
      i18n (>= 0.6.4, <= 2)
    money-rails (1.14.0)
      activesupport (>= 3.0)
      monetize (~> 1.9.0)
      money (~> 6.13.2)
      railties (>= 3.0)
    multi_json (1.15.0)
    multi_xml (0.6.0)
    multipart-post (2.1.1)
    net-ssh (6.1.0)
    nio4r (2.5.8)
    nokogiri (1.12.5)
      mini_portile2 (~> 2.6.1)
      racc (~> 1.4)
    oj (3.13.7)
    openssl (2.2.1)
      ipaddr
    openssl-signature_algorithm (1.1.1)
      openssl (~> 2.0)
    orm_adapter (0.5.0)
    parser (3.1.0.0)
      ast (~> 2.4.1)
    passenger (6.0.12)
      rack
      rake (>= 0.8.1)
    pdns (1.1.1)
      httparty (>= 0.17.0)
      json (~> 2.1)
    pg (1.2.3)
    prometheus-api-client (0.6.2)
      faraday (>= 0.9, < 2.0.0)
    pry (0.14.1)
      coderay (~> 1.1)
      method_source (~> 1.0)
    pry-rails (0.3.9)
      pry (>= 0.10.4)
    public_suffix (4.0.6)
    raabro (1.4.0)
    rabl (0.14.5)
      activesupport (>= 2.3.14)
    racc (1.6.0)
    rack (2.2.3)
    rack-attack (6.5.0)
      rack (>= 1.0, < 3)
    rack-cors (1.1.1)
      rack (>= 2.0.0)
    rack-proxy (0.7.2)
      rack
    rack-test (1.1.0)
      rack (>= 1.0, < 3)
    rails (6.1.4.4)
      actioncable (= 6.1.4.4)
      actionmailbox (= 6.1.4.4)
      actionmailer (= 6.1.4.4)
      actionpack (= 6.1.4.4)
      actiontext (= 6.1.4.4)
      actionview (= 6.1.4.4)
      activejob (= 6.1.4.4)
      activemodel (= 6.1.4.4)
      activerecord (= 6.1.4.4)
      activestorage (= 6.1.4.4)
      activesupport (= 6.1.4.4)
      bundler (>= 1.15.0)
      railties (= 6.1.4.4)
      sprockets-rails (>= 2.0.0)
    rails-assets-js-cookie (2.1.4)
    rails-assets-jsTimezoneDetect (1.0.6)
    rails-dom-testing (2.0.3)
      activesupport (>= 4.2.0)
      nokogiri (>= 1.6)
    rails-html-sanitizer (1.4.2)
      loofah (~> 2.3)
    rails-i18n (7.0.1)
      i18n (>= 0.7, < 2)
      railties (>= 6.0.0, < 8)
    railties (6.1.4.4)
      actionpack (= 6.1.4.4)
      activesupport (= 6.1.4.4)
      method_source
      rake (>= 0.13)
      thor (~> 1.0)
    rainbow (3.1.1)
    rake (13.0.6)
    rb-fsevent (0.11.0)
    rb-inotify (0.10.1)
      ffi (~> 1.0)
    redcarpet (3.5.1)
    redis (4.5.1)
    regexp_parser (2.2.0)
    request_store (1.5.1)
      rack (>= 1.4)
    responders (3.0.1)
      actionpack (>= 5.0)
      railties (>= 5.0)
    rexml (3.2.5)
    rotp (6.2.0)
    rqrcode (2.1.0)
      chunky_png (~> 1.0)
      rqrcode_core (~> 1.0)
    rqrcode_core (1.2.0)
    ruby-progressbar (1.11.0)
    ruby2_keywords (0.0.5)
    rubyzip (2.3.2)
    safety_net_attestation (0.4.0)
      jwt (~> 2.0)
    sass-rails (6.0.0)
      sassc-rails (~> 2.1, >= 2.1.1)
    sassc (2.4.0)
      ffi (~> 1.9)
    sassc-rails (2.1.2)
      railties (>= 4.0.0)
      sassc (>= 2.0)
      sprockets (> 3.0)
      sprockets-rails
      tilt
    securecompare (1.0.0)
    selenium-webdriver (4.1.0)
      childprocess (>= 0.5, < 5.0)
      rexml (~> 3.2, >= 3.2.5)
      rubyzip (>= 1.2.2)
    semantic_range (3.0.0)
    sentry-raven (3.1.1)
      faraday (>= 1.0)
    sidekiq (6.3.1)
      connection_pool (>= 2.2.2)
      rack (~> 2.0)
      redis (>= 4.2.0)
    sidekiq-unique-jobs (7.1.12)
      brpoplpush-redis_script (> 0.1.1, <= 2.0.0)
      concurrent-ruby (~> 1.0, >= 1.0.5)
      sidekiq (>= 5.0, < 8.0)
      thor (>= 0.20, < 3.0)
    simple_po_parser (1.1.5)
    simpleidn (0.2.1)
      unf (~> 0.1.4)
    sixarm_ruby_unaccent (1.2.0)
    slim (4.1.0)
      temple (>= 0.7.6, < 0.9)
      tilt (>= 2.0.6, < 2.1)
    sort_alphabetical (1.1.0)
      unicode_utils (>= 1.2.2)
    sprockets (4.0.2)
      concurrent-ruby (~> 1.0)
      rack (> 1, < 3)
    sprockets-rails (3.2.2)
      actionpack (>= 4.0)
      activesupport (>= 4.0)
      sprockets (>= 3.0.0)
    ssh_data (1.1.0)
    temple (0.8.2)
    terminal-table (3.0.2)
      unicode-display_width (>= 1.1.1, < 3)
    thor (1.2.1)
    tilt (2.0.10)
    timeout (0.2.0)
    tpm-key_attestation (0.10.0)
      bindata (~> 2.4)
      openssl-signature_algorithm (~> 1.0)
    tzinfo (2.0.4)
      concurrent-ruby (~> 1.0)
    tzinfo-data (1.2021.5)
      tzinfo (>= 1.0.0)
    uglifier (4.2.0)
      execjs (>= 0.3.0, < 3)
    unf (0.1.4)
      unf_ext
    unf_ext (0.0.8)
    unicode-display_width (2.1.0)
    unicode_utils (1.4.0)
    versioncake (4.0.2)
      actionpack (> 5.0)
      activesupport (> 5.0)
      railties (> 5.0)
      tzinfo (> 1.2)
    vishnu (2.0.0)
    warden (1.2.9)
      rack (>= 2.0.9)
    webauthn (2.5.0)
      android_key_attestation (~> 0.3.0)
      awrence (~> 1.1)
      bindata (~> 2.4)
      cbor (~> 0.5.9)
      cose (~> 1.1)
      openssl (~> 2.1)
      safety_net_attestation (~> 0.4.0)
      securecompare (~> 1.0)
      tpm-key_attestation (~> 0.10.0)
    webmock (3.14.0)
      addressable (>= 2.8.0)
      crack (>= 0.3.2)
      hashdiff (>= 0.4.0, < 2.0.0)
    webpacker (5.4.3)
      activesupport (>= 5.2)
      rack-proxy (>= 0.6.1)
      railties (>= 5.2)
      semantic_range (>= 2.3.0)
    websocket-driver (0.7.5)
      websocket-extensions (>= 0.1.0)
    websocket-extensions (0.1.5)
    whmcs (2.3.4)
      activesupport (>= 6.1)
      faraday (~> 1)
    whois (5.0.2)
    will_paginate (3.3.0)
    xpath (3.2.0)
      nokogiri (~> 1.8)
    yard (0.9.26)
    zaru (0.3.0)
    zeitwerk (2.5.3)

PLATFORMS
  ruby

DEPENDENCIES
  acme-client (= 2.0.9)
  acts-as-taggable-on (= 8.1.0)
  api-pagination (= 4.8.2)
  authy (= 2.7.5)
  autodns (= 2.1.1)!
  bcrypt (= 3.1.16)
  bcrypt_pbkdf (= 1.1.0)
  better_errors (= 2.9.1)
  binding_of_caller (= 1.0.0)
  bootstrap-sass (= 3.4.1)
  byebug
  capybara (~> 3.35)
  chartkick (= 4.0.5)
  clockwork (= 3.0.0)
  coffee-rails (= 5.0.0)
  country_select (= 6.0.0)
  daemons (= 1.4.1)
  devise (= 4.8.0)
  diplomat (= 2.5.1)
  dnsruby (= 1.61.7)
  docker-api!
  docker_registry (= 0.2.3)!
  docker_ssh (= 0.7.1)!
  docker_volume_local (= 0.2.5)!
  docker_volume_nfs (= 0.2.7)!
  domain_prefix (= 0.4.20210906)
  doorkeeper (= 5.4.0)
  ed25519 (= 1.2.4)
  fugit (= 1.5.2)
  geoip (= 1.6.4)
  github-markup (= 4.0.0)
  groupdate (= 5.2.2)
  haml (= 5.2.2)
  highline (= 2.0.3)
  hiredis (= 0.6.3)
  http (= 4.4.1)
  http_accept_language (= 2.1.1)
  httparty (= 0.18.1)
  i18n-tasks
  jquery-rails (= 4.3.5)
  json (= 2.6.1)
  jwt (= 2.2.3)
  liquid (= 5.1.0)
  listen (= 3.4.1)
  lograge (= 0.11.2)
  minitest-reporters (= 1.4.3)
  money-rails (= 1.14.0)
  net-ssh (= 6.1.0)
  nokogiri (= 1.12.5)
  oj (= 3.13.7)
  passenger (~> 6.0)
  pdns (= 1.1.1)!
  pg (= 1.2.3)
  prometheus-api-client (= 0.6.2)
  pry (= 0.14.1)
  pry-rails (= 0.3.9)
  rabl (= 0.14.5)
  rack-attack (= 6.5.0)
  rack-cors (= 1.1.1)
  rails (= 6.1.4.4)
  rails-assets-js-cookie (= 2.1.4)!
  rails-assets-jsTimezoneDetect (= 1.0.6)!
  rake (= 13.0.6)
  redcarpet (= 3.5.1)
  redis (= 4.5.1)
  responders (= 3.0.1)
  rotp (= 6.2.0)
  rqrcode (= 2.1.0)
  sass-rails (= 6.0.0)
  selenium-webdriver
  sentry-raven (= 3.1.1)
  sidekiq (= 6.3.1)
  sidekiq-unique-jobs (= 7.1.12)
  slim (= 4.1.0)
  sprockets (= 4.0.2)
  sprockets-rails (= 3.2.2)
  ssh_data (~> 1.1.0)
  timeout (~> 0.1)
  tzinfo-data (= 1.2021.5)
  uglifier (= 4.2.0)
  versioncake (= 4.0.2)
  vishnu
  webauthn (= 2.5.0)
  webmock
  webpacker (= 5.4.3)
  whmcs (= 2.3.4)!
  whois (= 5.0.2)
  will_paginate (= 3.3.0)
  yard (= 0.9.26)
  zaru (= 0.3.0)

RUBY VERSION
   ruby 2.7.4p191

BUNDLED WITH
   2.1.4
